GEM
  remote: https://rubygems.org/
  specs:
    mini_portile2 (2.4.0)
    nokogiri (1.10.10-x64-mingw32)
      mini_portile2 (~> 2.4.0)
    open-uri (0.1.0)
    uri (0.10.0)

PLATFORMS
  x64-mingw32

DEPENDENCIES
  nokogiri
  open-uri
  uri

BUNDLED WITH
   2.1.4
