GEM
  remote: https://rubygems.org/
  specs:
    childprocess (3.0.0)
    colorize (0.8.1)
    mini_portile2 (2.4.0)
    nokogiri (1.10.10)
      mini_portile2 (~> 2.4.0)
    nokogiri (1.10.10-x64-mingw32)
      mini_portile2 (~> 2.4.0)
    open-uri (0.1.0)
    rubyzip (2.3.0)
    selenium-webdriver (3.142.7)
      childprocess (>= 0.5, < 4.0)
      rubyzip (>= 1.2.2)
    uri (0.10.0)

PLATFORMS
  ruby
  x64-mingw32

DEPENDENCIES
  colorize
  nokogiri
  open-uri
  selenium-webdriver
  uri

BUNDLED WITH
   2.1.4
